PATH
  remote: .
  specs:
    fusionauth_client (1.26.0)

GEM
  remote: https://rubygems.org/
  specs:
    minitest (5.8.3)
    rake (12.3.3)

PLATFORMS
  ruby
  x86_64-darwin-19
  x86_64-darwin-20
  x86_64-linux

DEPENDENCIES
  fusionauth_client!
  minitest (= 5.8.3)
  rake (= 12.3.3)

RUBY VERSION
   ruby 2.5.1p57

BUNDLED WITH
   2.2.5
