PATH
  remote: .
  specs:
    fusionauth_client (1.50.0)

GEM
  remote: https://rubygems.org/
  specs:
    cgi (0.4.1)
    erb (2.2.3)
      cgi
    extralite-bundle (1.27)
    mini_portile2 (2.8.6)
    minitest (5.22.3)
    nokogiri (1.15.6)
      mini_portile2 (~> 2.8.2)
      racc (~> 1.4)
    psych (5.1.2)
      stringio
    racc (1.7.3)
    rake (13.2.1)
    rdoc (6.6.3.1)
      psych (>= 4.0.0)
    rdoc-markdown (0.4.2)
      erb (~> 2.0)
      extralite-bundle (~> 1.0)
      rdoc (~> 6.0)
      reverse_markdown (~> 2.0)
      unindent (~> 1.0)
    reverse_markdown (2.1.1)
      nokogiri
    stringio (3.1.0)
    unindent (1.0)

PLATFORMS
  ruby
  x86_64-darwin-19
  x86_64-darwin-20
  x86_64-linux

DEPENDENCIES
  fusionauth_client!
  minitest (~> 5.22, >= 5.22.3)
  rake (~> 13.2, >= 13.2.1)
  rdoc-markdown (~> 0.4.2)

RUBY VERSION
   ruby 2.7.5p203

BUNDLED WITH
   2.2.5
